GIT
  remote: git://github.com/tent/tent-schemas.git
  revision: 9f4b86aac5a0b35e42d24c392b12fdbfdc7b789a
  branch: master
  specs:
    tent-schemas (0.0.1)
      json-schema

GEM
  remote: http://rubygems.org/
  specs:
    adsf (1.1.1)
      rack (>= 1.0.0)
    builder (3.1.1)
    clogger (1.1.0)
      rack (> 0.9)
    colored (1.2)
    cri (2.3.0)
      colored (>= 1.2)
    fssm (0.2.9)
    json-schema (1.0.9)
    mime-types (1.19)
    nanoc (3.4.0)
      cri (~> 2.2)
    nanoc-cachebuster (0.3.1)
      nanoc (>= 3.3.0)
    nokogiri (1.5.5)
    posix-spawn (0.3.6)
    puma (1.6.3)
      rack (~> 1.2)
    pygments.rb (0.3.1)
      posix-spawn (~> 0.3.6)
      yajl-ruby (~> 1.1.0)
    rack (1.4.1)
    rack-rewrite (1.2.1)
    rainpress (1.0)
    redcarpet (2.1.1)
    slim (1.3.0)
      temple (~> 0.4.1)
      tilt (~> 1.3.3)
    temple (0.4.1)
    tilt (1.3.3)
    yajl-ruby (1.1.0)

PLATFORMS
  ruby

DEPENDENCIES
  adsf
  builder
  clogger
  fssm
  mime-types
  nanoc
  nanoc-cachebuster
  nokogiri
  puma
  pygments.rb
  rack
  rack-rewrite
  rainpress
  redcarpet
  slim
  tent-schemas!
