GEM
  remote: http://rubygems.org/
  specs:
    adsf (1.1.1)
      rack (>= 1.0.0)
    albino (1.3.3)
      posix-spawn (>= 0.3.6)
    builder (3.0.0)
    clogger (1.1.0)
      rack (> 0.9)
    colored (1.2)
    cri (2.3.0)
      colored (>= 1.2)
    mime-types (1.19)
    nanoc (3.4.0)
      cri (~> 2.2)
    nanoc-cachebuster (0.3.1)
      nanoc (>= 3.3.0)
    nokogiri (1.5.5)
    posix-spawn (0.3.6)
    puma (1.6.1)
      rack (~> 1.2)
    rack (1.4.1)
    rack-rewrite (1.2.1)
    rainpress (1.0)
    redcarpet (2.1.1)
    slim (1.2.2)
      temple (~> 0.4.0)
      tilt (~> 1.3.3)
    temple (0.4.0)
    tilt (1.3.3)

PLATFORMS
  ruby

DEPENDENCIES
  adsf
  albino
  builder
  clogger
  mime-types
  nanoc
  nanoc-cachebuster
  nokogiri
  puma
  rack
  rack-rewrite
  rainpress
  redcarpet
  slim
