GIT
  remote: git://github.com/tent/tent-schemas.git
  revision: 8efb377c69f13d8799a17e3ed7c410d75eaccc7b
  specs:
    tent-schemas (0.2.0)
      json-schema

GIT
  remote: git://github.com/titanous/asset_sync.git
  revision: 64f86044921b7029cf3be673a1920aa7fdfe8604
  branch: fix-mime
  specs:
    asset_sync (0.5.0)
      activemodel
      fog

GEM
  remote: https://rubygems.org/
  specs:
    activemodel (3.2.12)
      activesupport (= 3.2.12)
      builder (~> 3.0.0)
    activesupport (3.2.12)
      i18n (~> 0.6)
      multi_json (~> 1.0)
    adsf (1.1.1)
      rack (>= 1.0.0)
    builder (3.0.4)
    clogger (1.2.0)
      rack (> 0.9)
    colored (1.2)
    cri (2.3.0)
      colored (>= 1.2)
    excon (0.19.5)
    fog (1.10.0)
      builder
      excon (~> 0.14)
      formatador (~> 0.2.0)
      mime-types
      multi_json (~> 1.0)
      net-scp (~> 1.1)
      net-ssh (>= 2.1.3)
      nokogiri (~> 1.5.0)
      ruby-hmac
    formatador (0.2.4)
    fssm (0.2.10)
    i18n (0.6.4)
    json-schema (1.1.1)
    mime-types (1.21)
    multi_json (1.6.1)
    nanoc (3.6.1)
      cri (~> 2.3)
    nanoc-cachebuster (0.3.1)
      nanoc (>= 3.3.0)
    net-scp (1.1.0)
      net-ssh (>= 2.6.5)
    net-ssh (2.6.6)
    nokogiri (1.5.6)
    posix-spawn (0.3.6)
    puma (1.6.3)
      rack (~> 1.2)
    pygments.rb (0.4.2)
      posix-spawn (~> 0.3.6)
      yajl-ruby (~> 1.1.0)
    rack (1.5.2)
    rack-rewrite (1.3.3)
    rainpress (1.0)
    redcarpet (2.2.2)
    ruby-hmac (0.4.0)
    slim (1.3.6)
      temple (~> 0.5.5)
      tilt (~> 1.3.3)
    temple (0.5.5)
    tilt (1.3.4)
    yajl-ruby (1.1.0)

PLATFORMS
  ruby

DEPENDENCIES
  adsf
  asset_sync!
  clogger
  fssm
  mime-types
  nanoc
  nanoc-cachebuster
  nokogiri
  puma
  pygments.rb
  rack
  rack-rewrite
  rainpress
  redcarpet
  slim
  tent-schemas!
